PATH
  remote: ../bindata/
  specs:
    bindata (1.4.5)

GEM
  remote: http://rubygems.org/
  specs:
    andand (1.3.3)
    binding_of_caller (0.7.1)
      debug_inspector (>= 0.0.1)
    coderay (1.0.9)
    columnize (0.3.6)
    debug_inspector (0.0.2)
    debugger (1.5.0)
      columnize (>= 0.3.1)
      debugger-linecache (~> 1.2.0)
      debugger-ruby_core_source (~> 1.2.0)
    debugger-linecache (1.2.0)
    debugger-ruby_core_source (1.2.0)
    method_source (0.8.1)
    pry (0.9.12.1)
      coderay (~> 1.0.5)
      method_source (~> 0.8)
      slop (~> 3.4)
    pry-debugger (0.2.2)
      debugger (~> 1.3)
      pry (~> 0.9.10)
    pry-stack_explorer (0.4.9)
      binding_of_caller (>= 0.7)
      pry (~> 0.9.11)
    renum (1.4.0)
    segment_tree (0.1.0)
    slop (3.4.4)

PLATFORMS
  ruby

DEPENDENCIES
  andand
  bindata!
  pry
  pry-debugger
  pry-stack_explorer
  renum (= 1.4.0)
  segment_tree
